GEM
  remote: https://rubygems.org/
  specs:
    byebug (10.0.0)
    rake (10.4.2)

PLATFORMS
  ruby

DEPENDENCIES
  byebug (~> 10.0)
  rake

BUNDLED WITH
   1.16.1
